GEM
  remote: https://rubygems.org/
  specs:
    actioncable (5.1.7)
      actionpack (= 5.1.7)
      nio4r (~> 2.0)
      websocket-driver (~> 0.6.1)
    actionmailer (5.1.7)
      actionpack (= 5.1.7)
      actionview (= 5.1.7)
      activejob (= 5.1.7)
      mail (~> 2.5, >= 2.5.4)
      rails-dom-testing (~> 2.0)
    actionpack (5.1.7)
      actionview (= 5.1.7)
      activesupport (= 5.1.7)
      rack (~> 2.0)
      rack-test (>= 0.6.3)
      rails-dom-testing (~> 2.0)
      rails-html-sanitizer (~> 1.0, >= 1.0.2)
    actionview (5.1.7)
      activesupport (= 5.1.7)
      builder (~> 3.1)
      erubi (~> 1.4)
      rails-dom-testing (~> 2.0)
      rails-html-sanitizer (~> 1.0, >= 1.0.3)
    activejob (5.1.7)
      activesupport (= 5.1.7)
      globalid (>= 0.3.6)
    activemodel (5.1.7)
      activesupport (= 5.1.7)
    activerecord (5.1.7)
      activemodel (= 5.1.7)
      activesupport (= 5.1.7)
      arel (~> 8.0)
    activesupport (5.1.7)
      concurrent-ruby (~> 1.0, >= 1.0.2)
      i18n (>= 0.7, < 2)
      minitest (~> 5.1)
      tzinfo (~> 1.1)
    addressable (2.7.0)
      public_suffix (>= 2.0.2, < 5.0)
    arel (8.0.0)
    bcrypt (3.1.13)
    binding_of_caller (0.8.0)
      debug_inspector (>= 0.0.1)
    builder (3.2.4)
    byebug (11.1.3)
    capybara (2.7.1)
      addressable
      mime-types (>= 1.16)
      nokogiri (>= 1.3.3)
      rack (>= 1.0.0)
      rack-test (>= 0.5.4)
      xpath (~> 2.0)
    carrierwave (2.1.0)
      activemodel (>= 5.0.0)
      activesupport (>= 5.0.0)
      addressable (~> 2.6)
      image_processing (~> 1.1)
      mimemagic (>= 0.3.0)
      mini_mime (>= 0.1.3)
    carrierwave-bombshelter (0.2.2)
      activesupport (>= 3.2.0)
      carrierwave
      fastimage
    coffee-rails (4.2.2)
      coffee-script (>= 2.2.0)
      railties (>= 4.0.0)
    coffee-script (2.4.1)
      coffee-script-source
      execjs
    coffee-script-source (1.12.2)
    concurrent-ruby (1.1.6)
    crass (1.0.6)
    debug_inspector (0.0.3)
    devise (4.7.2)
      bcrypt (~> 3.0)
      orm_adapter (~> 0.1)
      railties (>= 4.1.0)
      responders
      warden (~> 1.2.3)
    diff-lcs (1.4.2)
    erubi (1.9.0)
    execjs (2.7.0)
    factory_girl (4.7.0)
      activesupport (>= 3.0.0)
    factory_girl_rails (4.7.0)
      factory_girl (~> 4.7.0)
      railties (>= 3.0.0)
    fastimage (2.1.7)
    ffi (1.13.1)
    globalid (0.4.2)
      activesupport (>= 4.2.0)
    httparty (0.18.1)
      mime-types (~> 3.0)
      multi_xml (>= 0.5.2)
    i18n (1.8.3)
      concurrent-ruby (~> 1.0)
    image_processing (1.11.0)
      mini_magick (>= 4.9.5, < 5)
      ruby-vips (>= 2.0.17, < 3)
    jbuilder (2.10.0)
      activesupport (>= 5.0.0)
    jquery-rails (4.4.0)
      rails-dom-testing (>= 1, < 3)
      railties (>= 4.2.0)
      thor (>= 0.14, < 2.0)
    json (1.8.6)
    loofah (2.6.0)
      crass (~> 1.0.2)
      nokogiri (>= 1.5.9)
    mail (2.7.1)
      mini_mime (>= 0.1.1)
    method_source (1.0.0)
    mime-types (3.3.1)
      mime-types-data (~> 3.2015)
    mime-types-data (3.2020.0512)
    mimemagic (0.3.5)
    mini_magick (4.10.1)
    mini_mime (1.0.2)
    mini_portile2 (2.4.0)
    minitest (5.14.1)
    multi_xml (0.6.0)
    nio4r (2.5.2)
    nokogiri (1.10.9)
      mini_portile2 (~> 2.4.0)
    orm_adapter (0.5.0)
    pg (0.21.0)
    public_suffix (4.0.5)
    rack (2.2.3)
    rack-test (1.1.0)
      rack (>= 1.0, < 3)
    rails (5.1.7)
      actioncable (= 5.1.7)
      actionmailer (= 5.1.7)
      actionpack (= 5.1.7)
      actionview (= 5.1.7)
      activejob (= 5.1.7)
      activemodel (= 5.1.7)
      activerecord (= 5.1.7)
      activesupport (= 5.1.7)
      bundler (>= 1.3.0)
      railties (= 5.1.7)
      sprockets-rails (>= 2.0.0)
    rails-dom-testing (2.0.3)
      activesupport (>= 4.2.0)
      nokogiri (>= 1.6)
    rails-html-sanitizer (1.3.0)
      loofah (~> 2.3)
    railties (5.1.7)
      actionpack (= 5.1.7)
      activesupport (= 5.1.7)
      method_source
      rake (>= 0.8.7)
      thor (>= 0.18.1, < 2.0)
    rake (13.0.1)
    rb-fsevent (0.10.4)
    rb-inotify (0.10.1)
      ffi (~> 1.0)
    rdoc (4.3.0)
    recaptcha (5.5.0)
      json
    responders (3.0.1)
      actionpack (>= 5.0)
      railties (>= 5.0)
    rspec-core (3.9.2)
      rspec-support (~> 3.9.3)
    rspec-expectations (3.9.2)
      diff-lcs (>= 1.2.0, < 2.0)
      rspec-support (~> 3.9.0)
    rspec-mocks (3.9.1)
      diff-lcs (>= 1.2.0, < 2.0)
      rspec-support (~> 3.9.0)
    rspec-rails (3.9.1)
      actionpack (>= 3.0)
      activesupport (>= 3.0)
      railties (>= 3.0)
      rspec-core (~> 3.9.0)
      rspec-expectations (~> 3.9.0)
      rspec-mocks (~> 3.9.0)
      rspec-support (~> 3.9.0)
    rspec-support (3.9.3)
    ruby-vips (2.0.17)
      ffi (~> 1.9)
    sass (3.7.4)
      sass-listen (~> 4.0.0)
    sass-listen (4.0.0)
      rb-fsevent (~> 0.9, >= 0.9.4)
      rb-inotify (~> 0.9, >= 0.9.7)
    sass-rails (5.0.7)
      railties (>= 4.0.0, < 6)
      sass (~> 3.1)
      sprockets (>= 2.8, < 4.0)
      sprockets-rails (>= 2.0, < 4.0)
      tilt (>= 1.1, < 3)
    sdoc (0.4.2)
      json (~> 1.7, >= 1.7.7)
      rdoc (~> 4.0)
    simple_form (3.5.1)
      actionpack (> 4, < 5.2)
      activemodel (> 4, < 5.2)
    spring (2.0.2)
      activesupport (>= 4.2)
    sprockets (3.7.2)
      concurrent-ruby (~> 1.0)
      rack (> 1, < 3)
    sprockets-rails (3.2.1)
      actionpack (>= 4.0)
      activesupport (>= 4.0)
      sprockets (>= 3.0.0)
    thor (1.0.1)
    thread_safe (0.3.6)
    tilt (2.0.10)
    turbolinks (5.2.1)
      turbolinks-source (~> 5.2)
    turbolinks-source (5.2.0)
    tzinfo (1.2.7)
      thread_safe (~> 0.1)
    uglifier (4.2.0)
      execjs (>= 0.3.0, < 3)
    warden (1.2.8)
      rack (>= 2.0.6)
    web-console (2.3.0)
      activemodel (>= 4.0)
      binding_of_caller (>= 0.7.2)
      railties (>= 4.0)
      sprockets-rails (>= 2.0, < 4.0)
    websocket-driver (0.6.5)
      websocket-extensions (>= 0.1.0)
    websocket-extensions (0.1.5)
    xpath (2.1.0)
      nokogiri (~> 1.3)

PLATFORMS
  ruby

DEPENDENCIES
  actionpack (= 5.1.7)
  byebug
  capybara (~> 2.7.1)
  carrierwave (~> 2.1)
  carrierwave-bombshelter (~> 0.2.2)
  coffee-rails (~> 4.2.0)
  devise (~> 4.7, >= 4.7.1)
  factory_girl_rails (~> 4.7.0)
  httparty (~> 0.18.0)
  jbuilder (~> 2.0)
  jquery-rails
  mini_magick (~> 4.9, >= 4.9.5)
  pg (~> 0.21.0)
  rails (= 5.1.7)
  recaptcha
  rspec-rails (~> 3.9)
  sass-rails (~> 5.0, < 5.0.8)
  sdoc (~> 0.4.0)
  simple_form (~> 3.2, >= 3.2.1)
  spring (~> 2.0.2)
  turbolinks (~> 5.2.0)
  uglifier (>= 1.3.0)
  web-console (~> 2.0)

BUNDLED WITH
   2.1.4
